GEM
  remote: http://rubygems.org/
  specs:
    activemodel (3.2.8)
      activesupport (= 3.2.8)
      builder (~> 3.0.0)
    activesupport (3.2.8)
      i18n (~> 0.6)
      multi_json (~> 1.0)
    bson (1.6.4)
    bson_ext (1.6.4)
      bson (~> 1.6.4)
    builder (3.0.0)
    ffi (1.1.5)
    haml (3.1.2)
    i18n (0.6.0)
    json (1.5.3)
    mini_portile2 (2.8.0)
    mongo (1.6.4)
      bson (~> 1.6.4)
    mongoid (2.0.2)
      activemodel (~> 3.0)
      mongo (~> 1.3)
      tzinfo (~> 0.3.22)
    multi_json (1.3.6)
    nokogiri (1.13.6)
      mini_portile2 (~> 2.8.0)
      racc (~> 1.4)
    racc (1.6.0)
    rack (1.4.1)
    scrapi (2.0.0)
      tidy_ffi (>= 0.1.2)
    sinatra (1.2.6)
      rack (~> 1.1)
      tilt (>= 1.2.2, < 2.0)
    tidy_ffi (0.1.4)
      ffi (>= 0.3.5)
    tilt (1.3.3)
    tzinfo (0.3.33)

PLATFORMS
  ruby

DEPENDENCIES
  bson_ext
  haml (= 3.1.2)
  json (= 1.5.3)
  mongoid (= 2.0.2)
  nokogiri
  scrapi (= 2.0.0)
  sinatra (= 1.2.6)
  tidy_ffi (= 0.1.4)
